GIT
  remote: https://github.com/hone/okyakusan.git
  revision: d32fd91e07c71cf54670a2802165de361f7a5d12
  specs:
    okyakusan (0.0.1)
      netrc (~> 0.7.7)

GEM
  remote: https://rubygems.org/
  specs:
    aws-sdk (1.58.0)
      aws-sdk-v1 (= 1.58.0)
    aws-sdk-v1 (1.58.0)
      json (~> 1.4)
      nokogiri (>= 1.4.4)
    json (1.8.6)
    mini_portile (0.6.1)
    netrc (0.7.9)
    nokogiri (1.6.4.1)
      mini_portile (~> 0.6.0)
    rake (12.3.3)

PLATFORMS
  ruby

DEPENDENCIES
  aws-sdk
  okyakusan!
  rake

BUNDLED WITH
   2.0.2
